GEM
  remote: https://rubygems.org/
  specs:
    coderay (1.0.9)
    drydock (0.6.9)
    method_source (0.7.1)
    pry (0.9.9)
      coderay (~> 1.0.5)
      method_source (~> 0.7.1)
      slop (>= 2.4.4, < 3)
    rubygems-update (2.7.11)
    slop (2.4.4)
    storable (0.8.9)
    sysinfo (0.8.1)
      drydock
      storable
    tryouts (2.1.1)
      sysinfo (>= 0.7.3)

PLATFORMS
  ruby

DEPENDENCIES
  pry (= 0.9.9)
  rubygems-update
  tryouts

BUNDLED WITH
   1.17.3
